GEM
  remote: http://rubygems.org/
  specs:
    RedCloth (4.2.7)
    addressable (2.2.6)
    compass (0.10.6)
      haml (>= 3.0.4)
    compass-960-plugin (0.10.4)
      compass (>= 0.10.0)
    configliere (0.3.4)
    faraday (0.6.1)
      addressable (~> 2.2.4)
      multipart-post (~> 1.1.0)
      rack (>= 1.1.0, < 2)
    gorillib (0.0.8)
    haml (3.0.25)
    html5-boilerplate (0.3.3)
      compass (>= 0.10.0)
    mime-types (1.16)
    multipart-post (1.1.2)
    rack (1.2.3)
    rack-contrib (1.1.0)
      rack (>= 0.9.1)
    rack-flash (0.1.2)
      rack
    rack-test (0.5.7)
      rack (>= 1.0)
    sinatra (1.1.4)
      rack (~> 1.1)
      tilt (>= 1.2.2, < 2.0)
    tilt (1.2.2)
    typhoeus (0.2.4)
      mime-types
      mime-types
    yajl-ruby (0.8.2)

PLATFORMS
  ruby

DEPENDENCIES
  RedCloth (~> 4.2.7)
  compass (~> 0.10.6)
  compass-960-plugin (~> 0.10.0)
  configliere (~> 0.3.4)
  faraday (~> 0.6.0)
  gorillib (~> 0.0.3)
  haml (~> 3.0.25)
  html5-boilerplate (~> 0.3.2)
  rack (~> 1.2.1)
  rack-contrib
  rack-flash (~> 0.1.1)
  rack-test (~> 0.5.7)
  sinatra (~> 1.1.3)
  tilt (~> 1.2.2)
  typhoeus (~> 0.2.4)
  yajl-ruby (~> 0.8.2)
