GIT
  remote: git://github.com/koppen/hassle.git
  revision: bb49cd8b37f5369d08398897caf1b687eaa80458
  specs:
    hassle (0.0.1)
      haml
      rack

GEM
  remote: http://rubygems.org/
  specs:
    RedCloth (4.2.7)
    addressable (2.2.4)
    compass (0.10.6)
      haml (>= 3.0.4)
    compass-960-plugin (0.10.1)
      compass (>= 0.10.0)
    configliere (0.3.4)
    faraday (0.6.0)
      addressable (~> 2.2.4)
      multipart-post (~> 1.1.0)
      rack (>= 1.1.0, < 2)
    gorillib (0.0.3)
    haml (3.0.25)
    html5-boilerplate (0.3.2)
      compass (>= 0.10.0)
    multipart-post (1.1.0)
    rack (1.2.2)
    rack-flash (0.1.1)
      rack
    rack-test (0.5.7)
      rack (>= 1.0)
    sinatra (1.1.3)
      rack (~> 1.1)
      tilt (>= 1.2.2, < 2.0)
    tilt (1.2.2)
    yajl-ruby (0.8.2)

PLATFORMS
  ruby

DEPENDENCIES
  RedCloth (~> 4.2.4)
  compass (~> 0.10.6)
  compass-960-plugin (~> 0.10.0)
  configliere (~> 0.3.4)
  faraday (~> 0.6.0)
  gorillib (~> 0.0.3)
  haml (~> 3.0.25)
  hassle!
  html5-boilerplate (~> 0.3.2)
  rack (~> 1.2.1)
  rack-flash (~> 0.1.1)
  rack-test (~> 0.5.7)
  sinatra (~> 1.1.2)
  tilt (~> 1.2.2)
  yajl-ruby (~> 0.8.1)
